GIT
  remote: https://github.com/alfajango/cashboard-rb.git
  revision: 0a027c003bac5145d6b69c9f5e4812a291eb1ebf
  branch: project-list
  specs:
    cashboard (1.0.2)
      activesupport (>= 3.0)
      httparty (>= 0.6.1)
      i18n
      xml-simple (>= 1.0.12)

GEM
  remote: https://rubygems.org/
  specs:
    activesupport (4.0.2)
      i18n (~> 0.6, >= 0.6.4)
      minitest (~> 4.2)
      multi_json (~> 1.3)
      thread_safe (~> 0.1)
      tzinfo (~> 0.3.37)
    atomic (1.1.14)
    httparty (0.12.0)
      json (~> 1.8)
      multi_xml (>= 0.5.2)
    i18n (0.6.9)
    json (1.8.1)
    minitest (4.7.5)
    multi_json (1.8.4)
    multi_xml (0.5.5)
    thread_safe (0.1.3)
      atomic
    tzinfo (0.3.38)
    xml-simple (1.1.3)

PLATFORMS
  ruby

DEPENDENCIES
  cashboard!
